PATH
  remote: .
  specs:
    rbox (0.1.2)
      faraday (>= 0.7)
      faraday_middleware (>= 0.7)
      multi_xml (~> 0.4.1)

GEM
  remote: http://rubygems.org/
  specs:
    faraday (0.8.7)
      multipart-post (~> 1.1)
    faraday_middleware (0.9.0)
      faraday (>= 0.7.4, < 0.9)
    minitest (2.11.1)
    multi_xml (0.4.4)
    multipart-post (1.2.0)
    rake (0.9.2.2)
    vcr (2.1.1)

PLATFORMS
  ruby

DEPENDENCIES
  minitest
  rake
  rbox!
  vcr
